GEM
  remote: https://rubygems.org/
  specs:
    addressable (2.3.4)
    crack (0.4.0)
      safe_yaml (~> 0.9.0)
    diff-lcs (1.2.4)
    mini_portile (0.5.0)
    nokogiri (1.6.0)
      mini_portile (~> 0.5.0)
    rspec (2.14.0)
      rspec-core (~> 2.14.0)
      rspec-expectations (~> 2.14.0)
      rspec-mocks (~> 2.14.0)
    rspec-core (2.14.0)
    rspec-expectations (2.14.0)
      diff-lcs (>= 1.1.3, < 2.0)
    rspec-mocks (2.14.0)
    safe_yaml (0.9.3)
    webmock (1.12.0)
      addressable (>= 2.2.7)
      crack (>= 0.3.2)

PLATFORMS
  ruby

DEPENDENCIES
  nokogiri
  rspec
  webmock
